GEM
  remote: http://rubygems.org/
  remote: http://gems.github.com/
  specs:
    rake (0.8.7)
    relevance-rcov (0.9.2.1)

PLATFORMS
  ruby

DEPENDENCIES
  rake (>= 0.8.7)
  relevance-rcov (>= 0.9.2.1)
